PATH
  remote: .
  specs:
    firefly (1.4.0)
      dm-aggregates (~> 1.0.2)
      dm-core (~> 1.0.2)
      dm-migrations (~> 1.0.2)
      dm-transactions (~> 1.0.2)
      haml (~> 3.0.18)
      sinatra (~> 1.0)

GEM
  remote: http://rubygems.org/
  specs:
    addressable (2.2.4)
    dm-aggregates (1.0.2)
      dm-core (~> 1.0.2)
    dm-core (1.0.2)
      addressable (~> 2.2)
      extlib (~> 0.9.15)
    dm-migrations (1.0.2)
      dm-core (~> 1.0.2)
    dm-transactions (1.0.2)
      dm-core (~> 1.0.2)
    extlib (0.9.15)
    haml (3.0.25)
    rack (1.2.1)
    rack-test (0.5.7)
      rack (>= 1.0)
    rspec (1.3.1)
    sinatra (1.1.3)
      rack (~> 1.1)
      tilt (>= 1.2.2, < 2.0)
    tilt (1.2.2)

PLATFORMS
  ruby

DEPENDENCIES
  firefly!
  rack-test (~> 0.5.4)
  rspec (~> 1.3.0)
